GEM
  remote: https://rubygems.org/
  specs:
    coderay (1.1.3)
    commonjs (0.2.7)
    kramdown (2.4.0)
      rexml
    kramdown-parser-gfm (1.1.0)
      kramdown (~> 2.0)
    kramdown-syntax-coderay (1.0.1)
      coderay (~> 1.1)
      kramdown (~> 2.0)
    less (2.6.0)
      commonjs (~> 0.2.7)
    makerakeworkwell (1.0.4)
      rake (>= 0.9.2, < 15)
    rake (13.1.0)
    rexml (3.2.6)
    webrick (1.8.1)
    zenweb (3.11.0)
      coderay (~> 1.0)
      kramdown (~> 2.0)
      kramdown-parser-gfm (~> 1.0)
      kramdown-syntax-coderay (~> 1.0)
      less (~> 2.0)
      makerakeworkwell (~> 1.0)
      rake (>= 0.9, < 15)

PLATFORMS
  arm64-darwin-23

DEPENDENCIES
  webrick
  zenweb

BUNDLED WITH
   2.4.21
